{
	"Manufacturer": "Siemens",
	"ManufacturersModelName": "TrioTim",
	"ImageType": ["ORIGINAL", "PRIMARY", "M", "ND", "MOSAIC"],
	"MagneticFieldStrength": 3,
	"FlipAngle": 78,
	"EchoTime": 0.028,
  "TaskName": "unknown",
	"RepetitionTime": 2,
	"EffectiveEchoSpacing": 0.000500008,
	"SliceTiming": [
		1.945,
		1.8825,
		1.82,
		1.7575,
		1.695,
		1.63,
		1.5675,
		1.505,
		1.4425,
		1.38,
		1.3175,
		1.255,
		1.1925,
		1.13,
		1.0675,
		1.005,
		0.94,
		0.8775,
		0.815,
		0.7525,
		0.69,
		0.6275,
		0.565,
		0.5025,
		0.44,
		0.3775,
		0.315,
		0.25,
		0.1875,
		0.125,
		0.0625,
		0	],
	"PhaseEncodingDirection": "j-"
}
