{
	"Manufacturer": "Siemens",
	"ManufacturersModelName": "TrioTim",
	"ImageType": "ORIGINAL_PRIMARY_M_ND_MOSAIC",
	"MagneticFieldStrength": 3,
	"FlipAngle": 78,
  "TaskName": "unknown",
	"EchoTime": 0.028,
	"RepetitionTime": 2,
	"EffectiveEchoSpacing": 0.000510004,
	"SliceTiming": [
		0,
		1.035,
		0.0625,
		1.095,
		0.1225,
		1.1575,
		0.1825,
		1.2175,
		0.245,
		1.2775,
		0.305,
		1.34,
		0.365,
		1.4,
		0.4275,
		1.46,
		0.4875,
		1.5225,
		0.5475,
		1.5825,
		0.61,
		1.6425,
		0.67,
		1.705,
		0.73,
		1.765,
		0.7925,
		1.825,
		0.8525,
		1.8875,
		0.9125,
		1.9475,
		0.975	],
	"PhaseEncodingDirection": "j-"
}
