{
	"Manufacturer": "Siemens",
	"ManufacturersModelName": "TrioTim",
	"ImageType": "ORIGINAL_PRIMARY_M_ND_MOSAIC",
	"MagneticFieldStrength": 3,
	"FlipAngle": 78,
	"EchoTime": 0.028,
	"RepetitionTime": 2,
  "TaskName": "unknown",
	"EffectiveEchoSpacing": 0.000510004,
	"SliceTiming": [
		1.9475,
		1.885,
		1.825,
		1.765,
		1.7025,
		1.6425,
		1.5825,
		1.52,
		1.46,
		1.4,
		1.3375,
		1.2775,
		1.2175,
		1.155,
		1.095,
		1.035,
		0.9725,
		0.9125,
		0.8525,
		0.79,
		0.73,
		0.67,
		0.6075,
		0.5475,
		0.4875,
		0.425,
		0.365,
		0.305,
		0.2425,
		0.1825,
		0.1225,
		0.06,
		0	],
	"PhaseEncodingDirection": "j-"
}
