{
	"Manufacturer": "Siemens",
  "TaskName": "unknown",
	"ManufacturersModelName": "TrioTim",
	"ImageType": "ORIGINAL_PRIMARY_M_ND_MOSAIC",
	"MagneticFieldStrength": 3,
	"FlipAngle": 78,
	"EchoTime": 0.028,
	"RepetitionTime": 2,
	"EffectiveEchoSpacing": 0.000510004,
	"SliceTiming": [
		1.945,
		1.885,
		1.825,
		1.7625,
		1.7025,
		1.6425,
		1.58,
		1.52,
		1.46,
		1.3975,
		1.3375,
		1.2775,
		1.215,
		1.155,
		1.095,
		1.0325,
		0.9725,
		0.9125,
		0.85,
		0.79,
		0.73,
		0.6675,
		0.6075,
		0.5475,
		0.485,
		0.425,
		0.365,
		0.3025,
		0.2425,
		0.1825,
		0.12,
		0.06,
		0	],
	"PhaseEncodingDirection": "j-"
}
