{
	"Manufacturer": "Siemens",
	"ManufacturersModelName": "TrioTim",
	"ImageType": "ORIGINAL_PRIMARY_M_ND_MOSAIC",
	"MagneticFieldStrength": 3,
	"FlipAngle": 55,
	"EchoTime": 0.03,
  "TaskName": "unknown",
	"RepetitionTime": 2,
	"EffectiveEchoSpacing": 0.000540001,
	"SliceTiming": [
		1.94,
		1.875,
		1.8075,
		1.74,
		1.6725,
		1.6075,
		1.54,
		1.4725,
		1.405,
		1.34,
		1.2725,
		1.205,
		1.1375,
		1.07,
		1.005,
		0.9375,
		0.87,
		0.8025,
		0.7375,
		0.67,
		0.6025,
		0.535,
		0.47,
		0.4025,
		0.335,
		0.2675,
		0.2025,
		0.135,
		0.0675,
		0	],
	"PhaseEncodingDirection": "j-"
}
