{
	"Manufacturer": "Siemens",
	"ManufacturersModelName": "TrioTim",
	"ImageType": "ORIGINAL_PRIMARY_M_ND_MOSAIC",
	"MagneticFieldStrength": 3,
  "TaskName": "unknown",
	"FlipAngle": 78,
	"EchoTime": 0.028,
	"RepetitionTime": 2,
	"EffectiveEchoSpacing": 0.000510004,
	"SliceTiming": [
		1.9275,
		1.8675,
		1.805,
		1.745,
		1.685,
		1.625,
		1.565,
		1.505,
		1.445,
		1.385,
		1.325,
		1.265,
		1.205,
		1.1425,
		1.0825,
		1.0225,
		0.9625,
		0.9025,
		0.8425,
		0.7825,
		0.7225,
		0.6625,
		0.6025,
		0.5425,
		0.48,
		0.42,
		0.36,
		0.3,
		0.24,
		0.18,
		0.12,
		0.06,
		0	],
	"PhaseEncodingDirection": "j-"
}
