{
	"Manufacturer": "Siemens",
	"ManufacturersModelName": "TrioTim",
  "TaskName": "unknown",
	"ImageType": "ORIGINAL_PRIMARY_M_ND_MOSAIC",
	"MagneticFieldStrength": 3,
	"FlipAngle": 78,
	"EchoTime": 0.028,
	"RepetitionTime": 2,
	"EffectiveEchoSpacing": 0.000510004,
	"SliceTiming": [
		1.9475,
		1.8875,
		1.825,
		1.765,
		1.705,
		1.6425,
		1.5825,
		1.5225,
		1.46,
		1.4,
		1.34,
		1.2775,
		1.2175,
		1.1575,
		1.095,
		1.035,
		0.975,
		0.9125,
		0.8525,
		0.7925,
		0.73,
		0.67,
		0.61,
		0.5475,
		0.4875,
		0.4275,
		0.365,
		0.305,
		0.245,
		0.1825,
		0.1225,
		0.0625,
		0	],
	"PhaseEncodingDirection": "j-"
}
