{
  "TaskName": "unknown",
	"Manufacturer": "Siemens",
	"ManufacturersModelName": "TrioTim",
	"ImageType": "ORIGINAL_PRIMARY_M_ND_MOSAIC",
	"MagneticFieldStrength": 3,
	"FlipAngle": 90,
	"EchoTime": 0.025,
	"RepetitionTime": 2,
	"EffectiveEchoSpacing": 0.000347392,
	"SliceTiming": [
		0,
		1.025,
		0.0625,
		1.085,
		0.1225,
		1.145,
		0.1825,
		1.205,
		0.2425,
		1.265,
		0.3025,
		1.325,
		0.3625,
		1.385,
		0.4225,
		1.4475,
		0.4825,
		1.5075,
		0.5425,
		1.5675,
		0.6025,
		1.6275,
		0.6625,
		1.6875,
		0.7225,
		1.7475,
		0.785,
		1.8075,
		0.845,
		1.8675,
		0.905,
		1.9275,
		0.965	],
	"PhaseEncodingDirection": "j-"
}
